GEM
  remote: https://rubygems.org/
  specs:
    mina (1.2.5)
      rake
    rake (13.0.6)

PLATFORMS
  x86_64-linux

DEPENDENCIES
  mina

BUNDLED WITH
   2.4.18
