GEM
  remote: https://rubygems.org/
  specs:
    mina (1.0.7)
      open4 (~> 1.3.4)
      rake
    open4 (1.3.4)
    rake (13.0.1)

PLATFORMS
  x86_64-linux

DEPENDENCIES
  mina

BUNDLED WITH
   2.2.5
